GIT
  remote: git://github.com/brandonweiss/rack-minitest.git
  revision: ff8669c284e05c3cba8d14b867165c103283a167
  specs:
    rack-minitest (0.0.10)
      json
      minitest (~> 5.0)
      rack-test

PATH
  remote: .
  specs:
    telegram-webhooks (0.0.1)
      rack (~> 1)

GEM
  remote: https://rubygems.org/
  specs:
    codeclimate-test-reporter (0.5.0)
      simplecov (>= 0.7.1, < 1.0.0)
    docile (1.1.5)
    json (1.8.3)
    metaclass (0.0.4)
    minitest (5.8.4)
    mocha (1.1.0)
      metaclass (~> 0.0.1)
    rack (1.6.4)
    rack-test (0.6.3)
      rack (>= 1.0)
    simplecov (0.11.2)
      docile (~> 1.1.0)
      json (~> 1.8)
      simplecov-html (~> 0.10.0)
    simplecov-html (0.10.0)

PLATFORMS
  ruby

DEPENDENCIES
  codeclimate-test-reporter
  minitest
  mocha
  rack-minitest!
  rack-test
  telegram-webhooks!

BUNDLED WITH
   1.11.2
